NUGET
  remote: https://nuget.org/api/v2
  specs:
    FAKE (4.8.0)
    FSharp.Core (4.0.0.1)
    FSharpLint (0.2.8-beta)
    FsUnit (1.4.0)
      FSharp.Core (>= 3.1.2.5)
      NUnit (2.6.4)
    NUnit (2.6.4)
    NUnit.Runners (2.6.4)
